GEM
  remote: https://rubygems.org/
  specs:
    addressable (2.8.7)
      public_suffix (>= 2.0.2, < 7.0)
    dotenv (3.1.8)
    faraday (2.14.0)
      faraday-net_http (>= 2.0, < 3.5)
      json
      logger
    faraday-net_http (3.4.1)
      net-http (>= 0.5.0)
    json (2.15.2)
    logger (1.7.0)
    net-http (0.6.0)
      uri
    octokit (9.2.0)
      faraday (>= 1, < 3)
      sawyer (~> 0.9)
    public_suffix (6.0.2)
    sawyer (0.9.3)
      addressable (>= 2.3.5)
      faraday (>= 0.17.3, < 3)
    uri (1.0.4)

PLATFORMS
  arm64-darwin-23
  ruby

DEPENDENCIES
  dotenv (~> 3.1)
  octokit (~> 9.1)

CHECKSUMS
  addressable (2.8.7) sha256=462986537cf3735ab5f3c0f557f14155d778f4b43ea4f485a9deb9c8f7c58232
  dotenv (3.1.8) sha256=9e1176060ced581f8e6ce4384e91361817763a76e3c625c8bddc18b35bd392c3
  faraday (2.14.0) sha256=8699cfe5d97e55268f2596f9a9d5a43736808a943714e3d9a53e6110593941cd
  faraday-net_http (3.4.1) sha256=095757fae7872b94eac839c08a1a4b8d84fd91d6886cfbe75caa2143de64ab3b
  json (2.15.2) sha256=1068e1d966d2d0dcaf953eaed09c2d30e4104c64c1e3140c435d17be08d1fa27
  logger (1.7.0) sha256=196edec7cc44b66cfb40f9755ce11b392f21f7967696af15d274dde7edff0203
  net-http (0.6.0) sha256=9621b20c137898af9d890556848c93603716cab516dc2c89b01a38b894e259fb
  octokit (9.2.0) sha256=4fa47ff35ce654127edf2c836ab9269bcc8829f5542dc1e86871f697ce7f4316
  public_suffix (6.0.2) sha256=bfa7cd5108066f8c9602e0d6d4114999a5df5839a63149d3e8b0f9c1d3558394
  sawyer (0.9.3) sha256=0d0f19298408047037638639fe62f4794483fb04320269169bd41af2bdcf5e41
  uri (1.0.4) sha256=34485d137c079f8753a0ca1d883841a7ba2e5fae556e3c30c2aab0dde616344b

BUNDLED WITH
   2.7.2
